PATH
  remote: .
  specs:
    scrimmage (0.1.0)
      http (~> 5.2)
      retryable (~> 3.0.5)

GEM
  remote: https://rubygems.org/
  specs:
    addressable (2.8.6)
      public_suffix (>= 2.0.2, < 6.0)
    ast (2.4.2)
    base64 (0.2.0)
    domain_name (0.6.20240107)
    dotenv (3.1.2)
    ffi (1.17.0)
    ffi (1.17.0-x86_64-linux-gnu)
    ffi-compiler (1.3.2)
      ffi (>= 1.15.5)
      rake
    http (5.2.0)
      addressable (~> 2.8)
      base64 (~> 0.1)
      http-cookie (~> 1.0)
      http-form_data (~> 2.2)
      llhttp-ffi (~> 0.5.0)
    http-cookie (1.0.6)
      domain_name (~> 0.5)
    http-form_data (2.3.0)
    json (2.7.2)
    language_server-protocol (3.17.0.3)
    llhttp-ffi (0.5.0)
      ffi-compiler (~> 1.0)
      rake (~> 13.0)
    minitest (5.23.1)
    parallel (1.25.1)
    parser (3.3.3.0)
      ast (~> 2.4.1)
      racc
    public_suffix (5.0.5)
    racc (1.8.0)
    rainbow (3.1.1)
    rake (13.2.1)
    regexp_parser (2.9.2)
    retryable (3.0.5)
    rexml (3.3.0)
      strscan
    rubocop (1.64.1)
      json (~> 2.3)
      language_server-protocol (>= 3.17.0)
      parallel (~> 1.10)
      parser (>= 3.3.0.2)
      rainbow (>= 2.2.2, < 4.0)
      regexp_parser (>= 1.8, < 3.0)
      rexml (>= 3.2.5, < 4.0)
      rubocop-ast (>= 1.31.1, < 2.0)
      ruby-progressbar (~> 1.7)
      unicode-display_width (>= 2.4.0, < 3.0)
    rubocop-ast (1.31.3)
      parser (>= 3.3.1.0)
    rubocop-minitest (0.35.0)
      rubocop (>= 1.61, < 2.0)
      rubocop-ast (>= 1.31.1, < 2.0)
    rubocop-rake (0.6.0)
      rubocop (~> 1.0)
    ruby-progressbar (1.13.0)
    strscan (3.1.0)
    unicode-display_width (2.5.0)

PLATFORMS
  ruby
  x86_64-linux

DEPENDENCIES
  dotenv (~> 3.1.2)
  minitest (~> 5.23.1)
  rake (~> 13.2.1)
  rubocop (~> 1.64.1)
  rubocop-minitest (~> 0.35.0)
  rubocop-rake (~> 0.6.0)
  scrimmage!

BUNDLED WITH
   2.5.7
